PATH
  remote: .
  specs:
    wuphf (0.1.0)

GEM
  remote: https://rubygems.org/
  specs:
    minitest (5.14.2)
    mocha (1.13.0)
    rake (13.0.3)

PLATFORMS
  x86_64-darwin-21

DEPENDENCIES
  minitest (~> 5.0)
  mocha (= 1.13.0)
  rake (~> 13.0)
  wuphf!

BUNDLED WITH
   2.2.32
